GEM
  remote: https://rubygems.org/
  specs:
    rack (1.6.13)
    rack-protection (1.5.5)
      rack
    rack-test (0.8.3)
      rack (>= 1.0, < 3)
    sinatra (1.4.8)
      rack (~> 1.5)
      rack-protection (~> 1.4)
      tilt (>= 1.3, < 3)
    tilt (2.0.11)

PLATFORMS
  ruby

DEPENDENCIES
  rack-test (~> 0.6, >= 0.6.0)
  sinatra (~> 1.4, >= 1.4.8)

BUNDLED WITH
   2.1.4
